GEM
  remote: http://rubygems.org/
  specs:
    activesupport (3.2.9)
      i18n (~> 0.6)
      multi_json (~> 1.0)
    chronic (0.8.0)
    faraday (0.8.11)
      multipart-post (~> 1.2.0)
    github_api (0.8.0)
      faraday (~> 0.8.1)
      hashie (~> 1.2.0)
      multi_json (~> 1.3)
      nokogiri (~> 1.5.2)
      oauth2
    hashie (1.2.0)
    i18n (0.6.1)
    jwt (2.4.1)
    multi_json (1.15.0)
    multi_xml (0.6.0)
    multipart-post (1.2.0)
    nokogiri (1.5.5)
    oauth2 (1.4.8)
      faraday (>= 0.8, < 3.0)
      jwt (>= 1.0, < 3.0)
      multi_json (~> 1.3)
      multi_xml (~> 0.5)
      rack (>= 1.2, < 3)
    rack (2.2.3.1)
    terminal-notifier (1.4.2)
    whenever (0.8.0)
      activesupport (>= 2.3.4)
      chronic (>= 0.6.3)

PLATFORMS
  ruby

DEPENDENCIES
  github_api
  terminal-notifier
  whenever
