GEM
  remote: http://rubygems.org/
  specs:
    activesupport (7.0.3)
      concurrent-ruby (~> 1.0, >= 1.0.2)
      i18n (>= 1.6, < 2)
      minitest (>= 5.1)
      tzinfo (~> 2.0)
    chronic (0.8.0)
    concurrent-ruby (1.1.10)
    faraday (0.8.4)
      multipart-post (~> 1.1)
    github_api (0.8.0)
      faraday (~> 0.8.1)
      hashie (~> 1.2.0)
      multi_json (~> 1.3)
      nokogiri (~> 1.5.2)
      oauth2
    hashie (1.2.0)
    httpauth (0.2.0)
    i18n (1.10.0)
      concurrent-ruby (~> 1.0)
    jwt (0.1.5)
      multi_json (>= 1.0)
    minitest (5.16.0)
    multi_json (1.15.0)
    multipart-post (1.1.5)
    nokogiri (1.5.5)
    oauth2 (0.8.0)
      faraday (~> 0.8)
      httpauth (~> 0.1)
      jwt (~> 0.1.4)
      multi_json (~> 1.0)
      rack (~> 1.2)
    rack (1.4.1)
    terminal-notifier (1.4.2)
    tzinfo (2.0.4)
      concurrent-ruby (~> 1.0)
    whenever (0.8.0)
      activesupport (>= 2.3.4)
      chronic (>= 0.6.3)

PLATFORMS
  ruby

DEPENDENCIES
  github_api
  terminal-notifier
  whenever
