GEM
  remote: http://rubygems.org/
  specs:
    activesupport (7.0.7.2)
      concurrent-ruby (~> 1.0, >= 1.0.2)
      i18n (>= 1.6, < 2)
      minitest (>= 5.1)
      tzinfo (~> 2.0)
    chronic (0.8.0)
    concurrent-ruby (1.2.2)
    faraday (0.8.11)
      multipart-post (~> 1.2.0)
    github_api (0.8.0)
      faraday (~> 0.8.1)
      hashie (~> 1.2.0)
      multi_json (~> 1.3)
      nokogiri (~> 1.5.2)
      oauth2
    hashie (1.2.0)
    i18n (1.14.1)
      concurrent-ruby (~> 1.0)
    jwt (2.7.0)
    minitest (5.19.0)
    multi_json (1.15.0)
    multi_xml (0.6.0)
    multipart-post (1.2.0)
    nokogiri (1.5.5)
    oauth2 (1.4.8)
      faraday (>= 0.8, < 3.0)
      jwt (>= 1.0, < 3.0)
      multi_json (~> 1.3)
      multi_xml (~> 0.5)
      rack (>= 1.2, < 3)
    rack (2.2.6.4)
    terminal-notifier (1.4.2)
    tzinfo (2.0.6)
      concurrent-ruby (~> 1.0)
    whenever (0.8.0)
      activesupport (>= 2.3.4)
      chronic (>= 0.6.3)

PLATFORMS
  ruby

DEPENDENCIES
  github_api
  terminal-notifier
  whenever
